GEM
  remote: https://rubygems.org/
  specs:
    activesupport (4.2.1)
      i18n (~> 0.7)
      json (~> 1.7, >= 1.7.7)
      minitest (~> 5.1)
      thread_safe (~> 0.3, >= 0.3.4)
      tzinfo (~> 1.1)
    attr_required (1.0.0)
    commander (4.3.2)
      highline (~> 1.7.1)
    fb_graph2 (0.5.1)
      activesupport (>= 3.2)
      httpclient (>= 2.4)
      multi_json
      rack-oauth2 (>= 1.0)
      url_safe_base64
    highline (1.7.1)
    httpclient (2.6.0.1)
    i18n (0.7.0)
    json (1.8.2)
    minitest (5.5.1)
    multi_json (1.11.0)
    rack (1.6.0)
    rack-oauth2 (1.1.0)
      activesupport (>= 2.3)
      attr_required (>= 0.0.5)
      httpclient (>= 2.4)
      multi_json (>= 1.3.6)
      rack (>= 1.1)
    thread_safe (0.3.5)
    tzinfo (1.2.2)
      thread_safe (~> 0.1)
    url_safe_base64 (0.2.2)

PLATFORMS
  ruby

DEPENDENCIES
  commander
  fb_graph2
